GEM
  remote: https://rubygems.org/
  specs:
    byebug (11.1.3)
    fast_gettext (2.0.3)

PLATFORMS
  ruby

DEPENDENCIES
  byebug
  fast_gettext

BUNDLED WITH
   1.16.1
